GEM
  remote: http://rubygems.org/
  specs:
    rack (1.2.5)

PLATFORMS
  java

DEPENDENCIES
  rack
